GIT
  remote: git://github.com/infinitered/bluepotion.git
  revision: 24741c96ce0fd8166ff8dcdb15b24386f46f7c50
  specs:
    bluepotion (0.1.2)

GEM
  remote: https://rubygems.org/
  specs:
    motion-gradle (1.3.0)
    newclear (1.2)
      reset-sim
    rake (10.4.2)
    reset-sim (1.0)

PLATFORMS
  ruby

DEPENDENCIES
  bluepotion!
  motion-gradle
  newclear
  rake
